PATH
  remote: .
  specs:
    ferrets_on_fire (0.0.2)
      colorize (~> 0.8)
      gli (~> 2.15)
      highline (~> 1.7)
      micon (~> 0.1)
      rugged (~> 0.25)

GEM
  remote: https://rubygems.org/
  specs:
    colorize (0.8.1)
    diff-lcs (1.3)
    gli (2.15.0)
    highline (1.7.8)
    micon (0.1.28)
    rspec (3.5.0)
      rspec-core (~> 3.5.0)
      rspec-expectations (~> 3.5.0)
      rspec-mocks (~> 3.5.0)
    rspec-core (3.5.4)
      rspec-support (~> 3.5.0)
    rspec-expectations (3.5.0)
      diff-lcs (>= 1.2.0, < 2.0)
      rspec-support (~> 3.5.0)
    rspec-mocks (3.5.0)
      diff-lcs (>= 1.2.0, < 2.0)
      rspec-support (~> 3.5.0)
    rspec-support (3.5.0)
    rugged (0.25.1.1)

PLATFORMS
  ruby

DEPENDENCIES
  ferrets_on_fire!
  rspec (~> 3.5.0)

BUNDLED WITH
   1.14.4
